GEM
  remote: https://rubygems.org/
  specs:
    coderay (1.1.2)
    domain_name (0.5.20180417)
      unf (>= 0.0.5, < 1.0.0)
    haml (5.0.4)
      temple (>= 0.8.0)
      tilt
    http-cookie (1.0.3)
      domain_name (~> 0.5)
    method_source (0.9.0)
    mime-types (3.1)
      mime-types-data (~> 3.2015)
    mime-types-data (3.2016.0521)
    mojfile-uploader-api-client (0.1.1)
      rest-client (~> 2.0.0)
    mustermann (1.0.2)
    netrc (0.11.0)
    pry (0.11.3)
      coderay (~> 1.1.0)
      method_source (~> 0.9.0)
    puma (3.11.4)
    rack (2.0.5)
    rack-protection (2.0.1)
      rack
    rest-client (2.0.2)
      http-cookie (>= 1.0.2, < 2.0)
      mime-types (>= 1.16, < 4.0)
      netrc (~> 0.8)
    sinatra (2.0.1)
      mustermann (~> 1.0)
      rack (~> 2.0)
      rack-protection (= 2.0.1)
      tilt (~> 2.0)
    temple (0.8.0)
    tilt (2.0.8)
    unf (0.1.4)
      unf_ext
    unf_ext (0.0.7.5)

PLATFORMS
  ruby

DEPENDENCIES
  haml
  mojfile-uploader-api-client (~> 0.1.0)
  pry
  puma
  sinatra

BUNDLED WITH
   1.16.1
